GEM
  specs:
    haml (3.1.1)
    nokogiri (1.4.4)
    pg (0.10.1)
    rack (1.2.2)
    sequel (3.23.0)
    sinatra (1.2.6)
      rack (~> 1.1)
      tilt (< 2.0, >= 1.2.2)
    tilt (1.3)

PLATFORMS
  ruby

DEPENDENCIES
  haml
  nokogiri
  pg
  sequel
  sinatra
